GEM
  remote: https://rubygems.org/
  specs:
    artii (2.1.2)
    equatable (0.6.1)
    friendly_numbers (0.6.0)
    httparty (0.18.1)
      mime-types (~> 3.0)
      multi_xml (>= 0.5.2)
    json (2.3.1)
    mime-types (3.3.1)
      mime-types-data (~> 3.2015)
    mime-types-data (3.2020.0512)
    mini_portile2 (2.4.0)
    multi_xml (0.6.0)
    necromancer (0.6.0)
    nokogiri (1.10.10)
      mini_portile2 (~> 2.4.0)
    pastel (0.7.4)
      equatable (~> 0.6)
      tty-color (~> 0.5)
    strings (0.1.8)
      strings-ansi (~> 0.1)
      unicode-display_width (~> 1.5)
      unicode_utils (~> 1.4)
    strings-ansi (0.2.0)
    tty-color (0.5.2)
    tty-screen (0.8.1)
    tty-table (0.11.0)
      equatable (~> 0.6)
      necromancer (~> 0.5)
      pastel (~> 0.7.2)
      strings (~> 0.1.5)
      tty-screen (~> 0.7)
    unicode-display_width (1.7.0)
    unicode_utils (1.4.0)

PLATFORMS
  ruby

DEPENDENCIES
  artii (~> 2.1, >= 2.1.2)
  friendly_numbers (~> 0.6.0)
  httparty (~> 0.18.1)
  json (~> 2.3, >= 2.3.1)
  nokogiri (~> 1.10, >= 1.10.10)
  tty-table (~> 0.11.0)

BUNDLED WITH
   2.1.4
